GEM
  remote: https://rubygems.org/
  specs:
    ffi (1.12.1)
    json (2.3.0)
    mustermann (1.1.1)
      ruby2_keywords (~> 0.0.1)
    net-scp (2.0.0)
      net-ssh (>= 2.6.5, < 6.0.0)
    net-ssh (5.2.0)
    nio4r (2.5.8)
    puma (4.3.9)
      nio4r (~> 2.0)
    rack (2.2.3.1)
    rack-protection (2.0.8.1)
      rack
    rb-fsevent (0.10.3)
    rb-inotify (0.10.1)
      ffi (~> 1.0)
    ruby2_keywords (0.0.2)
    sass (3.7.4)
      sass-listen (~> 4.0.0)
    sass-listen (4.0.0)
      rb-fsevent (~> 0.9, >= 0.9.4)
      rb-inotify (~> 0.9, >= 0.9.7)
    sinatra (2.0.8.1)
      mustermann (~> 1.0)
      rack (~> 2.0)
      rack-protection (= 2.0.8.1)
      tilt (~> 2.0)
    tilt (2.0.10)

PLATFORMS
  ruby

DEPENDENCIES
  json
  puma
  sass
  sinatra

RUBY VERSION
   ruby 3.1.2p20
